GEM
  remote: https://rubygems.org/
  specs:
    dnsimple (4.6.0)
      httparty
    httparty (0.17.0)
      mime-types (~> 3.0)
      multi_xml (>= 0.5.2)
    json (2.2.0)
    mime-types (3.2.2)
      mime-types-data (~> 3.2015)
    mime-types-data (3.2019.0331)
    multi_xml (0.6.0)

PLATFORMS
  ruby

DEPENDENCIES
  dnsimple (~> 4.6)
  json (~> 2.2)

BUNDLED WITH
   1.17.2
